GEM
  remote: https://rubygems.org/
  specs:
    rouge (2.0.7)
    xcpretty (0.2.8)
      rouge (~> 2.0.7)
    xcpretty-travis-formatter (1.0.0)

PLATFORMS
  ruby

DEPENDENCIES
  xcpretty

BUNDLED WITH
   1.16.1
